GEM
  specs:
    hashie (3.4.4)
    json (1.8.3)

PLATFORMS
  ruby

DEPENDENCIES
  hashie
  json

BUNDLED WITH
   1.11.2
